GEM
  remote: https://rubygems.org/
  specs:
    actioncable (5.2.4.3)
      actionpack (= 5.2.4.3)
      nio4r (~> 2.0)
      websocket-driver (>= 0.6.1)
    actionmailer (5.2.4.3)
      actionpack (= 5.2.4.3)
      actionview (= 5.2.4.3)
      activejob (= 5.2.4.3)
      mail (~> 2.5, >= 2.5.4)
      rails-dom-testing (~> 2.0)
    actionpack (5.2.4.3)
      actionview (= 5.2.4.3)
      activesupport (= 5.2.4.3)
      rack (~> 2.0, >= 2.0.8)
      rack-test (>= 0.6.3)
      rails-dom-testing (~> 2.0)
      rails-html-sanitizer (~> 1.0, >= 1.0.2)
    actionview (5.2.4.3)
      activesupport (= 5.2.4.3)
      builder (~> 3.1)
      erubi (~> 1.4)
      rails-dom-testing (~> 2.0)
      rails-html-sanitizer (~> 1.0, >= 1.0.3)
    active_storage_validations (0.8.9)
      rails (>= 5.2.0)
    activejob (5.2.4.3)
      activesupport (= 5.2.4.3)
      globalid (>= 0.3.6)
    activemodel (5.2.4.3)
      activesupport (= 5.2.4.3)
    activerecord (5.2.4.3)
      activemodel (= 5.2.4.3)
      activesupport (= 5.2.4.3)
      arel (>= 9.0)
    activestorage (5.2.4.3)
      actionpack (= 5.2.4.3)
      activerecord (= 5.2.4.3)
      marcel (~> 0.3.1)
    activesupport (5.2.4.3)
      concurrent-ruby (~> 1.0, >= 1.0.2)
      i18n (>= 0.7, < 2)
      minitest (~> 5.1)
      tzinfo (~> 1.1)
    addressable (2.7.0)
      public_suffix (>= 2.0.2, < 5.0)
    ansi (1.5.0)
    arel (9.0.0)
    autoprefixer-rails (9.8.5)
      execjs
    bcrypt (3.1.13)
    bindex (0.8.1)
    bootsnap (1.4.6)
      msgpack (~> 1.0)
    bootstrap-sass (3.4.1)
      autoprefixer-rails (>= 5.2.1)
      sassc (>= 2.0.0)
    bootstrap-will_paginate (1.0.0)
      will_paginate
    builder (3.2.4)
    byebug (11.0.1)
    capybara (3.28.0)
      addressable
      mini_mime (>= 0.1.3)
      nokogiri (~> 1.8)
      rack (>= 1.6.0)
      rack-test (>= 0.6.3)
      regexp_parser (~> 1.5)
      xpath (~> 3.2)
    childprocess (1.0.1)
      rake (< 13.0)
    coderay (1.1.3)
    coffee-rails (5.0.0)
      coffee-script (>= 2.2.0)
      railties (>= 5.2.0)
    coffee-script (2.4.1)
      coffee-script-source
      execjs
    coffee-script-source (1.12.2)
    concurrent-ruby (1.1.6)
    crass (1.0.6)
    erubi (1.9.0)
    execjs (2.7.0)
    faker (2.13.0)
      i18n (>= 1.6, < 2)
    ffi (1.13.1)
    formatador (0.2.5)
    globalid (0.4.2)
      activesupport (>= 4.2.0)
    guard (2.15.0)
      formatador (>= 0.2.4)
      listen (>= 2.7, < 4.0)
      lumberjack (>= 1.0.12, < 2.0)
      nenv (~> 0.1)
      notiffany (~> 0.0)
      pry (>= 0.9.12)
      shellany (~> 0.0)
      thor (>= 0.18.1)
    guard-compat (1.2.1)
    guard-minitest (2.4.6)
      guard-compat (~> 1.2)
      minitest (>= 3.0)
    i18n (1.8.3)
      concurrent-ruby (~> 1.0)
    image_processing (1.11.0)
      mini_magick (>= 4.9.5, < 5)
      ruby-vips (>= 2.0.17, < 3)
    jbuilder (2.10.0)
      activesupport (>= 5.0.0)
    jquery-rails (4.4.0)
      rails-dom-testing (>= 1, < 3)
      railties (>= 4.2.0)
      thor (>= 0.14, < 2.0)
    listen (3.1.5)
      rb-fsevent (~> 0.9, >= 0.9.4)
      rb-inotify (~> 0.9, >= 0.9.7)
      ruby_dep (~> 1.2)
    loofah (2.18.0)
      crass (~> 1.0.2)
      nokogiri (>= 1.5.9)
    lumberjack (1.2.6)
    mail (2.7.1)
      mini_mime (>= 0.1.1)
    marcel (0.3.3)
      mimemagic (~> 0.3.2)
    method_source (1.0.0)
    mimemagic (0.3.10)
      nokogiri (~> 1)
      rake
    mini_magick (4.10.1)
    mini_mime (1.0.2)
    mini_portile2 (2.4.0)
    minitest (5.14.1)
    minitest-reporters (1.3.8)
      ansi
      builder
      minitest (>= 5.0)
      ruby-progressbar
    msgpack (1.3.3)
    nenv (0.3.0)
    nio4r (2.5.2)
    nokogiri (1.10.10)
      mini_portile2 (~> 2.4.0)
    notiffany (0.1.3)
      nenv (~> 0.1)
      shellany (~> 0.0)
    pg (1.2.3)
    pry (0.13.1)
      coderay (~> 1.1)
      method_source (~> 1.0)
    public_suffix (4.0.5)
    puma (4.3.5)
      nio4r (~> 2.0)
    rack (2.2.3)
    rack-test (1.1.0)
      rack (>= 1.0, < 3)
    rails (5.2.4.3)
      actioncable (= 5.2.4.3)
      actionmailer (= 5.2.4.3)
      actionpack (= 5.2.4.3)
      actionview (= 5.2.4.3)
      activejob (= 5.2.4.3)
      activemodel (= 5.2.4.3)
      activerecord (= 5.2.4.3)
      activestorage (= 5.2.4.3)
      activesupport (= 5.2.4.3)
      bundler (>= 1.3.0)
      railties (= 5.2.4.3)
      sprockets-rails (>= 2.0.0)
    rails-controller-testing (1.0.4)
      actionpack (>= 5.0.1.x)
      actionview (>= 5.0.1.x)
      activesupport (>= 5.0.1.x)
    rails-dom-testing (2.0.3)
      activesupport (>= 4.2.0)
      nokogiri (>= 1.6)
    rails-html-sanitizer (1.4.3)
      loofah (~> 2.3)
    railties (5.2.4.3)
      actionpack (= 5.2.4.3)
      activesupport (= 5.2.4.3)
      method_source
      rake (>= 0.8.7)
      thor (>= 0.19.0, < 2.0)
    rake (12.3.3)
    rb-fsevent (0.10.4)
    rb-inotify (0.10.1)
      ffi (~> 1.0)
    regexp_parser (1.7.1)
    ruby-progressbar (1.10.1)
    ruby-vips (2.0.17)
      ffi (~> 1.9)
    ruby_dep (1.5.0)
    rubyzip (1.3.0)
    sass-rails (6.0.0)
      sassc-rails (~> 2.1, >= 2.1.1)
    sassc (2.4.0)
      ffi (~> 1.9)
    sassc-rails (2.1.2)
      railties (>= 4.0.0)
      sassc (>= 2.0)
      sprockets (> 3.0)
      sprockets-rails
      tilt
    scenic (1.5.2)
      activerecord (>= 4.0.0)
      railties (>= 4.0.0)
    selenium-webdriver (3.142.3)
      childprocess (>= 0.5, < 2.0)
      rubyzip (~> 1.2, >= 1.2.2)
    shellany (0.0.1)
    spring (2.1.0)
    spring-watcher-listen (2.0.1)
      listen (>= 2.7, < 4.0)
      spring (>= 1.2, < 3.0)
    sprockets (4.0.2)
      concurrent-ruby (~> 1.0)
      rack (> 1, < 3)
    sprockets-rails (3.2.1)
      actionpack (>= 4.0)
      activesupport (>= 4.0)
      sprockets (>= 3.0.0)
    thor (1.0.1)
    thread_safe (0.3.6)
    tilt (2.0.10)
    turbolinks (5.2.1)
      turbolinks-source (~> 5.2)
    turbolinks-source (5.2.0)
    tzinfo (1.2.7)
      thread_safe (~> 0.1)
    uglifier (4.2.0)
      execjs (>= 0.3.0, < 3)
    web-console (3.7.0)
      actionview (>= 5.0)
      activemodel (>= 5.0)
      bindex (>= 0.4.0)
      railties (>= 5.0)
    webdrivers (4.1.2)
      nokogiri (~> 1.6)
      rubyzip (~> 1.0)
      selenium-webdriver (>= 3.0, < 4.0)
    websocket-driver (0.7.3)
      websocket-extensions (>= 0.1.0)
    websocket-extensions (0.1.5)
    will_paginate (3.3.0)
    xpath (3.2.0)
      nokogiri (~> 1.8)

PLATFORMS
  ruby

DEPENDENCIES
  active_storage_validations
  bcrypt
  bootsnap
  bootstrap-sass
  bootstrap-will_paginate
  byebug (= 11.0.1)
  capybara (= 3.28.0)
  coffee-rails
  faker
  guard (= 2.15.0)
  guard-minitest (= 2.4.6)
  image_processing
  jbuilder
  jquery-rails
  listen (= 3.1.5)
  mini_magick
  minitest (= 5.14.1)
  minitest-reporters (= 1.3.8)
  nokogiri
  pg
  puma
  rails (~> 5.2.4, >= 5.2.4.3)
  rails-controller-testing (= 1.0.4)
  sass-rails
  scenic
  selenium-webdriver (= 3.142.3)
  spring (= 2.1.0)
  spring-watcher-listen (= 2.0.1)
  turbolinks
  tzinfo-data
  uglifier
  web-console (= 3.7.0)
  webdrivers (= 4.1.2)
  will_paginate

RUBY VERSION
   ruby 2.6.3p62

BUNDLED WITH
   1.17.2
